GEM
  remote: http://rubygems.org/
  specs:
    builder (3.0.4)
    daemons (1.1.9)
    eventmachine (1.0.0)
    jwt (0.1.5)
      multi_json (>= 1.0)
    multi_json (1.3.6)
    rack (1.4.1)
    sinatra (1.1.0)
      rack (~> 1.1)
      tilt (~> 1.1)
    thin (1.5.0)
      daemons (>= 1.0.9)
      eventmachine (>= 0.12.6)
      rack (>= 1.0.0)
    tilt (1.3.3)
    twilio-ruby (3.8.0)
      builder (>= 2.1.2)
      jwt (>= 0.1.2)
      multi_json (>= 1.3.0)

PLATFORMS
  ruby

DEPENDENCIES
  sinatra (= 1.1.0)
  thin
  twilio-ruby
